GEM
  remote: https://rubygems.org/
  specs:
    file-tail (1.0.12)
      tins (~> 0.5)
    tins (0.7.4)

PLATFORMS
  ruby

DEPENDENCIES
  file-tail
